PATH
  remote: .
  specs:
    proformaxml (1.5.2)
      activemodel (>= 5.2.3, < 9.0.0)
      activesupport (>= 5.2.3, < 9.0.0)
      dachsfisch (~> 1.0.0)
      nokogiri (>= 1.10.2, < 2.0.0)
      rubyzip (>= 1.2.2, < 3.0.0)

GEM
  remote: https://rubygems.org/
  specs:
    activemodel (8.0.2)
      activesupport (= 8.0.2)
    activesupport (8.0.2)
      base64
      benchmark (>= 0.3)
      bigdecimal
      concurrent-ruby (~> 1.0, >= 1.3.1)
      connection_pool (>= 2.2.5)
      drb
      i18n (>= 1.6, < 2)
      logger (>= 1.4.2)
      minitest (>= 5.1)
      securerandom (>= 0.3)
      tzinfo (~> 2.0, >= 2.0.5)
      uri (>= 0.13.1)
    ast (2.4.3)
    base64 (0.2.0)
    benchmark (0.4.0)
    bigdecimal (3.1.9)
    coderay (1.1.3)
    concurrent-ruby (1.3.5)
    connection_pool (2.5.0)
    dachsfisch (1.0.2)
      nokogiri (>= 1.14.1, < 2.0.0)
    diff-lcs (1.6.1)
    docile (1.4.1)
    drb (2.2.1)
    factory_bot (6.5.1)
      activesupport (>= 6.1.0)
    ffi (1.17.1)
    ffi (1.17.1-aarch64-linux-gnu)
    ffi (1.17.1-aarch64-linux-musl)
    ffi (1.17.1-arm-linux-gnu)
    ffi (1.17.1-arm-linux-musl)
    ffi (1.17.1-arm64-darwin)
    ffi (1.17.1-x86-linux-gnu)
    ffi (1.17.1-x86-linux-musl)
    ffi (1.17.1-x86_64-darwin)
    ffi (1.17.1-x86_64-linux-gnu)
    ffi (1.17.1-x86_64-linux-musl)
    formatador (1.1.0)
    guard (2.19.1)
      formatador (>= 0.2.4)
      listen (>= 2.7, < 4.0)
      logger (~> 1.6)
      lumberjack (>= 1.0.12, < 2.0)
      nenv (~> 0.1)
      notiffany (~> 0.0)
      ostruct (~> 0.6)
      pry (>= 0.13.0)
      shellany (~> 0.0)
      thor (>= 0.18.1)
    guard-compat (1.2.1)
    guard-rspec (4.7.3)
      guard (~> 2.1)
      guard-compat (~> 1.1)
      rspec (>= 2.99.0, < 4.0)
    i18n (1.14.7)
      concurrent-ruby (~> 1.0)
    json (2.10.2)
    language_server-protocol (3.17.0.4)
    lint_roller (1.1.0)
    listen (3.9.0)
      rb-fsevent (~> 0.10, >= 0.10.3)
      rb-inotify (~> 0.9, >= 0.9.10)
    logger (1.7.0)
    lumberjack (1.2.10)
    method_source (1.1.0)
    mini_portile2 (2.8.8)
    minitest (5.25.5)
    nenv (0.3.0)
    nokogiri (1.18.6)
      mini_portile2 (~> 2.8.2)
      racc (~> 1.4)
    nokogiri (1.18.6-aarch64-linux-gnu)
      racc (~> 1.4)
    nokogiri (1.18.6-aarch64-linux-musl)
      racc (~> 1.4)
    nokogiri (1.18.6-arm-linux-gnu)
      racc (~> 1.4)
    nokogiri (1.18.6-arm-linux-musl)
      racc (~> 1.4)
    nokogiri (1.18.6-arm64-darwin)
      racc (~> 1.4)
    nokogiri (1.18.6-x86_64-darwin)
      racc (~> 1.4)
    nokogiri (1.18.6-x86_64-linux-gnu)
      racc (~> 1.4)
    nokogiri (1.18.6-x86_64-linux-musl)
      racc (~> 1.4)
    notiffany (0.1.3)
      nenv (~> 0.1)
      shellany (~> 0.0)
    ostruct (0.6.1)
    parallel (1.26.3)
    parser (3.3.7.4)
      ast (~> 2.4.1)
      racc
    prism (1.4.0)
    pry (0.15.2)
      coderay (~> 1.1)
      method_source (~> 1.0)
    racc (1.8.1)
    rack (3.1.12)
    rainbow (3.1.1)
    rake (13.2.1)
    rb-fsevent (0.11.2)
    rb-inotify (0.11.1)
      ffi (~> 1.0)
    regexp_parser (2.10.0)
    rspec (3.13.0)
      rspec-core (~> 3.13.0)
      rspec-expectations (~> 3.13.0)
      rspec-mocks (~> 3.13.0)
    rspec-collection_matchers (1.2.1)
      rspec-expectations (>= 2.99.0.beta1)
    rspec-core (3.13.3)
      rspec-support (~> 3.13.0)
    rspec-expectations (3.13.3)
      diff-lcs (>= 1.2.0, < 2.0)
      rspec-support (~> 3.13.0)
    rspec-github (3.0.0)
      rspec-core (~> 3.0)
    rspec-mocks (3.13.2)
      diff-lcs (>= 1.2.0, < 2.0)
      rspec-support (~> 3.13.0)
    rspec-support (3.13.2)
    rubocop (1.75.1)
      json (~> 2.3)
      language_server-protocol (~> 3.17.0.2)
      lint_roller (~> 1.1.0)
      parallel (~> 1.10)
      parser (>= 3.3.0.2)
      rainbow (>= 2.2.2, < 4.0)
      regexp_parser (>= 2.9.3, < 3.0)
      rubocop-ast (>= 1.43.0, < 2.0)
      ruby-progressbar (~> 1.7)
      unicode-display_width (>= 2.4.0, < 4.0)
    rubocop-ast (1.43.0)
      parser (>= 3.3.7.2)
      prism (~> 1.4)
    rubocop-factory_bot (2.27.1)
      lint_roller (~> 1.1)
      rubocop (~> 1.72, >= 1.72.1)
    rubocop-performance (1.24.0)
      lint_roller (~> 1.1)
      rubocop (>= 1.72.1, < 2.0)
      rubocop-ast (>= 1.38.0, < 2.0)
    rubocop-rails (2.30.3)
      activesupport (>= 4.2.0)
      lint_roller (~> 1.1)
      rack (>= 1.1)
      rubocop (>= 1.72.1, < 2.0)
      rubocop-ast (>= 1.38.0, < 2.0)
    rubocop-rspec (3.5.0)
      lint_roller (~> 1.1)
      rubocop (~> 1.72, >= 1.72.1)
    rubocop-rspec_rails (2.31.0)
      lint_roller (~> 1.1)
      rubocop (~> 1.72, >= 1.72.1)
      rubocop-rspec (~> 3.5)
    ruby-progressbar (1.13.0)
    rubyzip (2.4.1)
    securerandom (0.4.1)
    shellany (0.0.1)
    simplecov (0.22.0)
      docile (~> 1.1)
      simplecov-html (~> 0.11)
      simplecov_json_formatter (~> 0.1)
    simplecov-html (0.13.1)
    simplecov_json_formatter (0.1.4)
    thor (1.3.2)
    tzinfo (2.0.6)
      concurrent-ruby (~> 1.0)
    unicode-display_width (3.1.4)
      unicode-emoji (~> 4.0, >= 4.0.4)
    unicode-emoji (4.0.4)
    uri (1.0.3)

PLATFORMS
  aarch64-linux-gnu
  aarch64-linux-musl
  arm-linux-gnu
  arm-linux-musl
  arm64-darwin
  ruby
  x86-linux-gnu
  x86-linux-musl
  x86_64-darwin
  x86_64-linux-gnu
  x86_64-linux-musl

DEPENDENCIES
  bundler
  factory_bot
  guard
  guard-rspec
  proformaxml!
  pry
  rake
  rspec
  rspec-collection_matchers
  rspec-github
  rubocop
  rubocop-factory_bot
  rubocop-performance
  rubocop-rails
  rubocop-rspec
  rubocop-rspec_rails
  simplecov

CHECKSUMS
  activemodel (8.0.2) sha256=0ae1fb7fa1fae0699ba041a9e97702df42ea3b13f2d39f2d0fde51fca5f0656c
  activesupport (8.0.2) sha256=8565cddba31b900cdc17682fd66ecd020441e3eef320a9930285394e8c07a45e
  ast (2.4.3) sha256=954615157c1d6a382bc27d690d973195e79db7f55e9765ac7c481c60bdb4d383
  base64 (0.2.0) sha256=0f25e9b21a02a0cc0cea8ef92b2041035d39350946e8789c562b2d1a3da01507
  benchmark (0.4.0) sha256=0f12f8c495545e3710c3e4f0480f63f06b4c842cc94cec7f33a956f5180e874a
  bigdecimal (3.1.9) sha256=2ffc742031521ad69c2dfc815a98e426a230a3d22aeac1995826a75dabfad8cc
  coderay (1.1.3) sha256=dc530018a4684512f8f38143cd2a096c9f02a1fc2459edcfe534787a7fc77d4b
  concurrent-ruby (1.3.5) sha256=813b3e37aca6df2a21a3b9f1d497f8cbab24a2b94cab325bffe65ee0f6cbebc6
  connection_pool (2.5.0) sha256=233b92f8d38e038c1349ccea65dd3772727d669d6d2e71f9897c8bf5cd53ebfc
  dachsfisch (1.0.2) sha256=d8002414310cc8dc5d87d61d04d660f59f4cd095981ba20f09439c5e5b8d3c13
  diff-lcs (1.6.1) sha256=12a5a83f3e37a8e2f4427268e305914d5f1879f22b4e73bb1a09f76a3dd86cd4
  docile (1.4.1) sha256=96159be799bfa73cdb721b840e9802126e4e03dfc26863db73647204c727f21e
  drb (2.2.1) sha256=e9d472bf785f558b96b25358bae115646da0dbfd45107ad858b0bc0d935cb340
  factory_bot (6.5.1) sha256=40581ea7bec0aee05514b8f4f99ed477274bdf1884c1372de5209e60322d6ca9
  ffi (1.17.1) sha256=26f6b0dbd1101e6ffc09d3ca640b2a21840cc52731ad8a7ded9fb89e5fb0fc39
  ffi (1.17.1-aarch64-linux-gnu) sha256=c5d22cb545a3a691d46060f1343c461d1a8d38c3fd71b96b4cbbe6906bf1fd38
  ffi (1.17.1-aarch64-linux-musl) sha256=88b9d6ae905d21142df27c94bb300042c1aae41b67291885f600eaad16326b1d
  ffi (1.17.1-arm-linux-gnu) sha256=fe14f5ece94082f3b0e651a09008113281f2764e7ea95f522b64e2fe32e11504
  ffi (1.17.1-arm-linux-musl) sha256=df14927ca7bd9095148a7d1938bb762bbf189d190cf25d9547395ec7acc198a0
  ffi (1.17.1-arm64-darwin) sha256=a8e04f79d375742c54ee7f9fff4b4022b87200a4ec0eb082128d3b6559e67b4d
  ffi (1.17.1-x86-linux-gnu) sha256=01411c78cb3cff3c88cf67b2a7b24534e9b1638253d88581fef44c2083f6a174
  ffi (1.17.1-x86-linux-musl) sha256=02bcc7bbcff71e021ef05f43469f7c5074ab3422e415b287001bd890c9cbb1c6
  ffi (1.17.1-x86_64-darwin) sha256=0036199c290462dd7f03bc22933644c1685b7834a21788062bd5df48c72aa7a6
  ffi (1.17.1-x86_64-linux-gnu) sha256=8c0ade2a5d19f3672bccfe3b58e016ae5f159e3e2e741c856db87fcf07c903d0
  ffi (1.17.1-x86_64-linux-musl) sha256=3a343086820c96d6fbea4a5ef807fb69105b2b8174678f103b3db210c3f78401
  formatador (1.1.0) sha256=54e23e2af4d60bb9327c7fac62b29968e4cf28cee0111f726d0bdeadc85e06d0
  guard (2.19.1) sha256=b8bc52694be3d8b26730280de7dcec7fe92ea1cff3414246fe96af3f23580f3d
  guard-compat (1.2.1) sha256=3ad21ab0070107f92edfd82610b5cdc2fb8e368851e72362ada9703443d646fe
  guard-rspec (4.7.3) sha256=a47ba03cbd1e3c71e6ae8645cea97e203098a248aede507461a43e906e2f75ca
  i18n (1.14.7) sha256=ceba573f8138ff2c0915427f1fc5bdf4aa3ab8ae88c8ce255eb3ecf0a11a5d0f
  json (2.10.2) sha256=34e0eada93022b2a0a3345bb0b5efddb6e9ff5be7c48e409cfb54ff8a36a8b06
  language_server-protocol (3.17.0.4) sha256=c484626478664fd13482d8180947c50a8590484b1258b99b7aedb3b69df89669
  lint_roller (1.1.0) sha256=2c0c845b632a7d172cb849cc90c1bce937a28c5c8ccccb50dfd46a485003cc87
  listen (3.9.0) sha256=db9e4424e0e5834480385197c139cb6b0ae0ef28cc13310cfd1ca78377d59c67
  logger (1.7.0) sha256=196edec7cc44b66cfb40f9755ce11b392f21f7967696af15d274dde7edff0203
  lumberjack (1.2.10) sha256=bbfe951629341095028ecbf1ad496b58bec3f8bcad6fe35a203a377839c42b6c
  method_source (1.1.0) sha256=181301c9c45b731b4769bc81e8860e72f9161ad7d66dd99103c9ab84f560f5c5
  mini_portile2 (2.8.8) sha256=8e47136cdac04ce81750bb6c09733b37895bf06962554e4b4056d78168d70a75
  minitest (5.25.5) sha256=391b6c6cb43a4802bfb7c93af1ebe2ac66a210293f4a3fb7db36f2fc7dc2c756
  nenv (0.3.0) sha256=d9de6d8fb7072228463bf61843159419c969edb34b3cef51832b516ae7972765
  nokogiri (1.18.6) sha256=4d283431d7829719ea1287ca388f24c6ce343af736bbcbd1365cbdb83bce41a4
  nokogiri (1.18.6-aarch64-linux-gnu) sha256=1b11f9a814068282cc2b47ebe61395b2a69d1918092d2ca3bd664074f72540e9
  nokogiri (1.18.6-aarch64-linux-musl) sha256=797662f201c37a8feac3bd5b0c0e3447053bc71e6633d273fefd4c68b03e6a54
  nokogiri (1.18.6-arm-linux-gnu) sha256=2da07a07ef4c9d9e9da809b3dc0937ed90b031e32c2c658d9918941b85d68b95
  nokogiri (1.18.6-arm-linux-musl) sha256=e8ae1c9a4d8cfa7a92d632a6f596a88235ebe66d4b70418543378ba16c601f70
  nokogiri (1.18.6-arm64-darwin) sha256=727a441d179d934b4b7c73e0e28e6723ee46463d96bb0cc6e2e33a13540962c4
  nokogiri (1.18.6-x86_64-darwin) sha256=fb72568c97ccd90a8d68cb765b0ff0720b109bd62e3babbf372e854ef8fef995
  nokogiri (1.18.6-x86_64-linux-gnu) sha256=df065db6ba6e1e80f76ef04f860fcf260cc24685125fe33cdc3d1572a1c66b71
  nokogiri (1.18.6-x86_64-linux-musl) sha256=75ec7a93cec54687aa63b2eaf830dc4ac5b4f3d8c969f20c035e67c9e6a30cef
  notiffany (0.1.3) sha256=d37669605b7f8dcb04e004e6373e2a780b98c776f8eb503ac9578557d7808738
  ostruct (0.6.1) sha256=09a3fb7ecc1fa4039f25418cc05ae9c82bd520472c5c6a6f515f03e4988cb817
  parallel (1.26.3) sha256=d86babb7a2b814be9f4b81587bf0b6ce2da7d45969fab24d8ae4bf2bb4d4c7ef
  parser (3.3.7.4) sha256=2b26282274280e13f891080dc4ef3f65ce658d62e13255b246b28ec6754e98ab
  prism (1.4.0) sha256=dc0e3e00e93160213dc2a65519d9002a4a1e7b962db57d444cf1a71565bb703e
  proformaxml (1.5.2)
  pry (0.15.2) sha256=12d54b8640d3fa29c9211dd4ffb08f3fd8bf7a4fd9b5a73ce5b59c8709385b6b
  racc (1.8.1) sha256=4a7f6929691dbec8b5209a0b373bc2614882b55fc5d2e447a21aaa691303d62f
  rack (3.1.12) sha256=00d83055c89273eb13679ab562767b8826955aa6c4371d7d161deb975c50c540
  rainbow (3.1.1) sha256=039491aa3a89f42efa1d6dec2fc4e62ede96eb6acd95e52f1ad581182b79bc6a
  rake (13.2.1) sha256=46cb38dae65d7d74b6020a4ac9d48afed8eb8149c040eccf0523bec91907059d
  rb-fsevent (0.11.2) sha256=43900b972e7301d6570f64b850a5aa67833ee7d87b458ee92805d56b7318aefe
  rb-inotify (0.11.1) sha256=a0a700441239b0ff18eb65e3866236cd78613d6b9f78fea1f9ac47a85e47be6e
  regexp_parser (2.10.0) sha256=cb6f0ddde88772cd64bff1dbbf68df66d376043fe2e66a9ef77fcb1b0c548c61
  rspec (3.13.0) sha256=d490914ac1d5a5a64a0e1400c1d54ddd2a501324d703b8cfe83f458337bab993
  rspec-collection_matchers (1.2.1) sha256=ff7626d2bbf16ac237fbb46439694c78b7d9c6dc49c4b216df437968133b56a2
  rspec-core (3.13.3) sha256=25136507f4f9cf2e8977a2851e64e438b4331646054e345998714108745cdfe4
  rspec-expectations (3.13.3) sha256=0e6b5af59b900147698ea0ff80456c4f2e69cac4394fbd392fbd1ca561f66c58
  rspec-github (3.0.0) sha256=46af3cd8cad3e4434c20598752b6e721c5325e73d7e36e256379f0d3a85968af
  rspec-mocks (3.13.2) sha256=2327335def0e1665325a9b617e3af9ae20272741d80ac550336309a7c59abdef
  rspec-support (3.13.2) sha256=cea3a2463fd9b84b9dcc9685efd80ea701aa8f7b3decb3b3ce795ed67737dbec
  rubocop (1.75.1) sha256=c12900c55b0b52e6ed1384f7f7575beb92047019ce37ca14b9572d80239adc29
  rubocop-ast (1.43.0) sha256=92cd649e336ce10212cb2f2b29028f487777ecc477f108f437a1dce1ee3db79a
  rubocop-factory_bot (2.27.1) sha256=9d744b5916778c1848e5fe6777cc69855bd96548853554ec239ba9961b8573fe
  rubocop-performance (1.24.0) sha256=e5bd39ff3e368395b9af886927cc37f5892f43db4bd6c8526594352d5b4440b5
  rubocop-rails (2.30.3) sha256=fc5a6506daa916d15e282cc806943afa64a020bf592b93a94025d89a2a78a715
  rubocop-rspec (3.5.0) sha256=710c942fe1af884ba8eea75cbb8bdbb051929a2208880a6fc2e2dce1eed5304c
  rubocop-rspec_rails (2.31.0) sha256=775375e18a26a1184a812ef3054b79d218e85601b9ae897f38f8be24dddf1f45
  ruby-progressbar (1.13.0) sha256=80fc9c47a9b640d6834e0dc7b3c94c9df37f08cb072b7761e4a71e22cff29b33
  rubyzip (2.4.1) sha256=8577c88edc1fde8935eb91064c5cb1aef9ad5494b940cf19c775ee833e075615
  securerandom (0.4.1) sha256=cc5193d414a4341b6e225f0cb4446aceca8e50d5e1888743fac16987638ea0b1
  shellany (0.0.1) sha256=0e127a9132698766d7e752e82cdac8250b6adbd09e6c0a7fbbb6f61964fedee7
  simplecov (0.22.0) sha256=fe2622c7834ff23b98066bb0a854284b2729a569ac659f82621fc22ef36213a5
  simplecov-html (0.13.1) sha256=5dab0b7ee612e60e9887ad57693832fdf4695b4c0c859eaea5f95c18791ef10b
  simplecov_json_formatter (0.1.4) sha256=529418fbe8de1713ac2b2d612aa3daa56d316975d307244399fa4838c601b428
  thor (1.3.2) sha256=eef0293b9e24158ccad7ab383ae83534b7ad4ed99c09f96f1a6b036550abbeda
  tzinfo (2.0.6) sha256=8daf828cc77bcf7d63b0e3bdb6caa47e2272dcfaf4fbfe46f8c3a9df087a829b
  unicode-display_width (3.1.4) sha256=8caf2af1c0f2f07ec89ef9e18c7d88c2790e217c482bfc78aaa65eadd5415ac1
  unicode-emoji (4.0.4) sha256=2c2c4ef7f353e5809497126285a50b23056cc6e61b64433764a35eff6c36532a
  uri (1.0.3) sha256=e9f2244608eea2f7bc357d954c65c910ce0399ca5e18a7a29207ac22d8767011

BUNDLED WITH
   2.6.4
